GEM
  remote: http://rubygems.org/
  remote: http://gems.xing.com/
  specs:
    activesupport (3.2.19)
      i18n (~> 0.6, >= 0.6.4)
      multi_json (~> 1.0)
    claide (0.6.1)
    cocoapods (0.33.1)
      activesupport (>= 3.2.15, < 4)
      claide (~> 0.6.1)
      cocoapods-core (= 0.33.1)
      cocoapods-downloader (~> 0.6.1)
      cocoapods-plugins (~> 0.2.0)
      cocoapods-trunk (~> 0.1.1)
      cocoapods-try (~> 0.3.0)
      colored (~> 1.2)
      escape (~> 0.0.4)
      json_pure (~> 1.8)
      nap (~> 0.7)
      open4 (~> 1.3)
      xcodeproj (~> 0.17.0)
    cocoapods-core (0.33.1)
      activesupport (>= 3.2.15)
      fuzzy_match (~> 2.0.4)
      json_pure (~> 1.8)
      nap (~> 0.5)
    cocoapods-downloader (0.6.1)
    cocoapods-plugins (0.2.0)
      nap
    cocoapods-trunk (0.1.4)
      json_pure (~> 1.8)
      nap (>= 0.6)
      netrc
    cocoapods-try (0.3.0)
    colored (1.2)
    escape (0.0.4)
    fuzzy_match (2.0.4)
    highline (1.6.21)
    httparty (0.13.1)
      json (~> 1.8)
      multi_xml (>= 0.5.2)
    i18n (0.6.11)
    israkel (0.4.4)
      highline (~> 1.6.15)
      json (~> 1.8.0)
      rake (~> 10.1.0)
      sqlite3 (~> 1.3.7)
    json (1.8.1)
    json_pure (1.8.1)
    multi_json (1.10.1)
    multi_xml (0.5.5)
    nap (0.8.0)
    naturalsort (1.1.1)
    netrc (0.7.7)
    open4 (1.3.4)
    plist (3.1.0)
    rake (10.1.1)
    sqlite3 (1.3.9)
    xcodeproj (0.17.0)
      activesupport (~> 3.0)
      colored (~> 1.2)
    xcpretty (0.1.6)

PLATFORMS
  ruby

DEPENDENCIES
  cocoapods (~> 0.33.1)
  httparty
  israkel (~> 0.4.4)
  naturalsort (~> 1.1.1)
  plist
  xcpretty
